GEM
  remote: https://rubygems.org/
  specs:
    pg (1.4.1)

PLATFORMS
  arm64-darwin-21

DEPENDENCIES
  pg (~> 1.4)

RUBY VERSION
   ruby 3.0.0p0

BUNDLED WITH
   2.3.15
